GEM
  remote: https://rubygems.org/
  specs:
    dotenv (0.9.0)
    foreman (0.63.0)
      dotenv (>= 0.7)
      thor (>= 0.13.6)
    mini_portile (0.5.2)
    nokogiri (1.6.0)
      mini_portile (~> 0.5.0)
    redis (3.0.6)
    thor (0.18.1)

PLATFORMS
  ruby

DEPENDENCIES
  foreman
  nokogiri
  redis
